RESTRICTION: == net47
NUGET
  remote: http://proget.wtg.zone/nuget/Gallery
    CommandLineParser (2.1.1-beta)
      System.Collections (>= 4.0.11-rc2-24027)
      System.Console (>= 4.0.0-rc2-24027)
      System.Diagnostics.Debug (>= 4.0.11-rc2-24027)
      System.Globalization (>= 4.0.11-rc2-24027)
      System.IO (>= 4.1.0-rc2-24027)
      System.Linq (>= 4.1.0-rc2-24027)
      System.Linq.Expressions (>= 4.0.11-rc2-24027)
      System.Reflection (>= 4.1.0-rc2-24027)
      System.Reflection.Extensions (>= 4.0.1-rc2-24027)
      System.Reflection.TypeExtensions (>= 4.1.0-rc2-24027)
      System.Resources.ResourceManager (>= 4.0.1-rc2-24027)
      System.Runtime (>= 4.1.0-rc2-24027)
      System.Runtime.Extensions (>= 4.1.0-rc2-24027)
    Microsoft.AspNet.WebApi.Client (5.2.5)
      Newtonsoft.Json (>= 6.0.4)
    Microsoft.AspNet.WebApi.Core (5.2.5)
      Microsoft.AspNet.WebApi.Client (>= 5.2.5)
    Microsoft.Build (15.6.85)
      Microsoft.Build.Framework (15.6.85)
      System.Collections.Immutable (>= 1.3.1)
      System.Runtime.InteropServices.RuntimeInformation (>= 4.3)
    Microsoft.Build.Framework (15.6.85)
      System.Collections (>= 4.0.11)
      System.Diagnostics.Debug (>= 4.0.11)
      System.Diagnostics.Process (>= 4.1)
      System.Globalization (>= 4.0.11)
      System.Linq (>= 4.1)
      System.ObjectModel (>= 4.0.12)
      System.Resources.ResourceManager (>= 4.0.1)
      System.Runtime (>= 4.1)
      System.Runtime.Extensions (>= 4.1)
      System.Runtime.InteropServices (>= 4.1)
      System.Threading (>= 4.0.11)
      System.Threading.Tasks.Parallel (>= 4.0.1)
      System.Threading.Thread (>= 4.0)
    Microsoft.Build.Tasks.Core (15.6.85)
      Microsoft.Build.Framework (15.6.85)
      Microsoft.Build.Utilities.Core (15.6.85)
      System.Collections.Immutable (>= 1.3.1)
      System.Reflection.Metadata (>= 1.3)
      System.Runtime.InteropServices.RuntimeInformation (>= 4.3)
    Microsoft.Build.Utilities.Core (15.6.85)
      Microsoft.Build.Framework (15.6.85)
      System.Collections.Immutable (>= 1.3.1)
      System.Runtime.InteropServices.RuntimeInformation (>= 4.3)
    Microsoft.CodeAnalysis (2.8.0)
      Microsoft.CodeAnalysis.CSharp.Workspaces (2.8)
      Microsoft.CodeAnalysis.VisualBasic.Workspaces (2.8)
    Microsoft.CodeAnalysis.Analyzers (2.6.0)
    Microsoft.CodeAnalysis.Common (2.8.0)
      Microsoft.CodeAnalysis.Analyzers (>= 1.1)
      System.AppContext (>= 4.3)
      System.Collections (>= 4.3)
      System.Collections.Concurrent (>= 4.3)
      System.Collections.Immutable (>= 1.3.1)
      System.Console (>= 4.3)
      System.Diagnostics.Debug (>= 4.3)
      System.Diagnostics.FileVersionInfo (>= 4.3)
      System.Diagnostics.StackTrace (>= 4.3)
      System.Diagnostics.Tools (>= 4.3)
      System.Dynamic.Runtime (>= 4.3)
      System.Globalization (>= 4.3)
      System.IO.Compression (>= 4.3)
      System.IO.FileSystem (>= 4.3)
      System.IO.FileSystem.Primitives (>= 4.3)
      System.Linq (>= 4.3)
      System.Linq.Expressions (>= 4.3)
      System.Reflection (>= 4.3)
      System.Reflection.Metadata (>= 1.4.2)
      System.Resources.ResourceManager (>= 4.3)
      System.Runtime (>= 4.3)
      System.Runtime.Extensions (>= 4.3)
      System.Runtime.InteropServices (>= 4.3)
      System.Runtime.Numerics (>= 4.3)
      System.Security.Cryptography.Algorithms (>= 4.3)
      System.Security.Cryptography.Encoding (>= 4.3)
      System.Security.Cryptography.X509Certificates (>= 4.3)
      System.Text.Encoding (>= 4.3)
      System.Text.Encoding.CodePages (>= 4.3)
      System.Text.Encoding.Extensions (>= 4.3)
      System.Threading (>= 4.3)
      System.Threading.Tasks (>= 4.3)
      System.Threading.Tasks.Parallel (>= 4.3)
      System.Threading.Thread (>= 4.3)
      System.ValueTuple (>= 4.3)
      System.Xml.ReaderWriter (>= 4.3)
      System.Xml.XDocument (>= 4.3)
      System.Xml.XmlDocument (>= 4.3)
      System.Xml.XPath.XDocument (>= 4.3)
    Microsoft.CodeAnalysis.CSharp (2.8.0)
      Microsoft.CodeAnalysis.Common (2.8)
    Microsoft.CodeAnalysis.CSharp.Workspaces (2.8.0)
      Microsoft.CodeAnalysis.CSharp (2.8)
      Microsoft.CodeAnalysis.Workspaces.Common (2.8)
    Microsoft.CodeAnalysis.VisualBasic (2.8.0)
      Microsoft.CodeAnalysis.Common (>= 2.8)
    Microsoft.CodeAnalysis.VisualBasic.Workspaces (2.8.0)
      Microsoft.CodeAnalysis.VisualBasic (2.8)
      Microsoft.CodeAnalysis.Workspaces.Common (2.8)
    Microsoft.CodeAnalysis.Workspaces.Common (2.8.0)
      Microsoft.CodeAnalysis.Common (2.8)
      System.Composition (>= 1.0.31)
    Microsoft.IdentityModel.Clients.ActiveDirectory (3.19.4)
    Microsoft.IdentityModel.Logging (5.2.2)
    Microsoft.IdentityModel.Tokens (5.2.2)
      Microsoft.IdentityModel.Logging (>= 5.2.2)
      Newtonsoft.Json (>= 10.0.1)
    Microsoft.NETCore.Platforms (2.0.2)
    Microsoft.TeamFoundation.DistributedTask.Common (15.112.1)
      Microsoft.Tpl.Dataflow (>= 4.5.24)
      Microsoft.VisualStudio.Services.Client (15.112.1)
      Newtonsoft.Json (>= 8.0.3)
    Microsoft.TeamFoundationServer.Client (15.112.1)
      Microsoft.AspNet.WebApi.Client (>= 5.2.2)
      Microsoft.TeamFoundation.DistributedTask.Common (15.112.1)
      Microsoft.VisualStudio.Services.Client (15.112.1)
      Newtonsoft.Json (>= 8.0.3)
    Microsoft.TeamFoundationServer.ExtendedClient (15.112.1)
      Microsoft.AspNet.WebApi.Client (>= 5.2.2)
      Microsoft.AspNet.WebApi.Core (>= 5.2.2)
      Microsoft.IdentityModel.Clients.ActiveDirectory (>= 3.13.5)
      Microsoft.TeamFoundationServer.Client (15.112.1)
      Microsoft.VisualStudio.Services.Client (15.112.1)
      Microsoft.VisualStudio.Services.InteractiveClient (15.112.1)
      Newtonsoft.Json (>= 8.0.3)
      System.IdentityModel.Tokens.Jwt (>= 4.0.2.206221351)
    Microsoft.Tpl.Dataflow (4.5.24)
    Microsoft.VisualStudio.Services.Client (15.112.1)
      Microsoft.AspNet.WebApi.Client (>= 5.2.2)
      Newtonsoft.Json (>= 8.0.3)
    Microsoft.VisualStudio.Services.InteractiveClient (15.112.1)
      Microsoft.AspNet.WebApi.Client (>= 5.2.2)
      Microsoft.IdentityModel.Clients.ActiveDirectory (>= 3.13.5)
      Microsoft.VisualStudio.Services.Client (15.112.1)
      Newtonsoft.Json (>= 8.0.3)
      System.IdentityModel.Tokens.Jwt (>= 4.0.2.206221351)
      WindowsAzure.ServiceBus (>= 3.3.2)
    NETStandard.Library (2.0.3)
      Microsoft.NETCore.Platforms (>= 1.1)
    Newtonsoft.Json (11.0.2)
    StyleCop.Analyzers (1.0.2)
    System.AppContext (4.3.0)
    System.Collections (4.3.0)
    System.Collections.Concurrent (4.3.0)
    System.Collections.Immutable (1.4.0)
      NETStandard.Library (>= 1.6.1)
    System.Composition (1.1.0)
      System.Composition.AttributedModel (>= 1.1)
      System.Composition.Convention (>= 1.1)
      System.Composition.Hosting (>= 1.1)
      System.Composition.Runtime (>= 1.1)
      System.Composition.TypedParts (>= 1.1)
    System.Composition.AttributedModel (1.1.0)
      NETStandard.Library (>= 1.6.1)
    System.Composition.Convention (1.1.0)
      NETStandard.Library (>= 1.6.1)
      System.Composition.AttributedModel (>= 1.1)
    System.Composition.Hosting (1.1.0)
      NETStandard.Library (>= 1.6.1)
      System.Composition.Runtime (>= 1.1)
    System.Composition.Runtime (1.1.0)
      NETStandard.Library (>= 1.6.1)
    System.Composition.TypedParts (1.1.0)
      NETStandard.Library (>= 1.6.1)
      System.Composition.AttributedModel (>= 1.1)
      System.Composition.Hosting (>= 1.1)
      System.Composition.Runtime (>= 1.1)
    System.Console (4.3.1)
    System.Diagnostics.Debug (4.3.0)
    System.Diagnostics.FileVersionInfo (4.3.0)
    System.Diagnostics.Process (4.3.0)
    System.Diagnostics.StackTrace (4.3.0)
    System.Diagnostics.Tools (4.3.0)
    System.Dynamic.Runtime (4.3.0)
    System.Globalization (4.3.0)
    System.IdentityModel.Tokens.Jwt (5.2.2)
      Microsoft.IdentityModel.Tokens (>= 5.2.2)
      Newtonsoft.Json (>= 10.0.1)
    System.IO (4.3.0)
    System.IO.Compression (4.3.0)
    System.IO.FileSystem (4.3.0)
      System.IO.FileSystem.Primitives (>= 4.3)
    System.IO.FileSystem.Primitives (4.3.0)
    System.Linq (4.3.0)
    System.Linq.Expressions (4.3.0)
    System.ObjectModel (4.3.0)
    System.Reflection (4.3.0)
    System.Reflection.Extensions (4.3.0)
    System.Reflection.Metadata (1.5.0)
      NETStandard.Library (>= 1.6.1)
      System.Collections.Immutable (>= 1.4)
    System.Reflection.TypeExtensions (4.5.0-rc1)
    System.Resources.ResourceManager (4.3.0)
    System.Runtime (4.3.0)
    System.Runtime.Extensions (4.3.0)
    System.Runtime.InteropServices (4.3.0)
      System.Runtime (>= 4.3)
    System.Runtime.InteropServices.RuntimeInformation (4.3.0)
    System.Runtime.Numerics (4.3.0)
    System.Security.Cryptography.Algorithms (4.3.1)
      System.IO (>= 4.3)
      System.Runtime (>= 4.3)
      System.Security.Cryptography.Encoding (>= 4.3)
      System.Security.Cryptography.Primitives (>= 4.3)
    System.Security.Cryptography.Encoding (4.3.0)
    System.Security.Cryptography.Primitives (4.3.0)
    System.Security.Cryptography.X509Certificates (4.3.2)
      System.Security.Cryptography.Algorithms (>= 4.3)
      System.Security.Cryptography.Encoding (>= 4.3)
    System.Text.Encoding (4.3.0)
    System.Text.Encoding.CodePages (4.4.0)
    System.Text.Encoding.Extensions (4.3.0)
    System.Threading (4.3.0)
    System.Threading.Tasks (4.3.0)
    System.Threading.Tasks.Parallel (4.3.0)
    System.Threading.Thread (4.3.0)
    System.ValueTuple (4.4.0)
    System.Xml.ReaderWriter (4.3.1)
    System.Xml.XDocument (4.3.0)
    System.Xml.XmlDocument (4.3.0)
    System.Xml.XPath (4.3.0)
    System.Xml.XPath.XDocument (4.3.0)
      System.Xml.XPath (>= 4.3)
    WindowsAzure.ServiceBus (4.1.9)
    WTG.Analyzers (2.0.4)
  remote: http://proget.wtg.zone/nuget/WTG-Internal
    Dat.Integration (17.11.6.8)
    WTG.BuildConfiguration.Analysis (1.0.1)
      StyleCop.Analyzers (>= 1.0.2)
      WTG.Analyzers (>= 1.2.5)
    WTG.BuildConfiguration.Build (1.0.0)
    WTG.DevTools.Common (17.10.13.7)
      Dat.Integration (>= 1.0)
