FRAMEWORK: NET46
NUGET
  remote: http://api.nuget.org/v3/index.json
    CommandLineParser (2.1.1-beta)
    Microsoft.AspNet.WebApi.Client (5.2.3)
      Newtonsoft.Json (>= 6.0.4)
    Microsoft.AspNet.WebApi.Core (5.2.3)
      Microsoft.AspNet.WebApi.Client (>= 5.2.3)
    Microsoft.CodeAnalysis (1.3.2)
      Microsoft.CodeAnalysis.CSharp.Workspaces (1.3.2)
      Microsoft.CodeAnalysis.VisualBasic.Workspaces (1.3.2)
    Microsoft.CodeAnalysis.Analyzers (1.1)
    Microsoft.CodeAnalysis.Common (1.3.2)
      Microsoft.CodeAnalysis.Analyzers (>= 1.1)
      System.AppContext (>= 4.1)
      System.Collections (>= 4.0.11)
      System.Collections.Concurrent (>= 4.0.12)
      System.Collections.Immutable (>= 1.1.37)
      System.Collections.Immutable (>= 1.2)
      System.Console (>= 4.0)
      System.Diagnostics.Debug (>= 4.0.11)
      System.Diagnostics.FileVersionInfo (>= 4.0)
      System.Diagnostics.StackTrace (>= 4.0.1)
      System.Diagnostics.Tools (>= 4.0.1)
      System.Dynamic.Runtime (>= 4.0.11)
      System.Globalization (>= 4.0.11)
      System.IO.FileSystem (>= 4.0.1)
      System.IO.FileSystem.Primitives (>= 4.0.1)
      System.Linq (>= 4.1)
      System.Linq.Expressions (>= 4.1)
      System.Reflection (>= 4.1)
      System.Reflection.Metadata (>= 1.2)
      System.Reflection.Metadata (>= 1.3)
      System.Reflection.Primitives (>= 4.0.1)
      System.Resources.ResourceManager (>= 4.0.1)
      System.Runtime (>= 4.1)
      System.Runtime.Extensions (>= 4.1)
      System.Runtime.Handles (>= 4.0.1)
      System.Runtime.InteropServices (>= 4.1)
      System.Runtime.Numerics (>= 4.0.1)
      System.Security.Cryptography.Algorithms (>= 4.2)
      System.Security.Cryptography.Encoding (>= 4.0)
      System.Security.Cryptography.X509Certificates (>= 4.1)
      System.Text.Encoding (>= 4.0.11)
      System.Text.Encoding.CodePages (>= 4.0.1)
      System.Text.Encoding.Extensions (>= 4.0.11)
      System.Threading (>= 4.0.11)
      System.Threading.Tasks (>= 4.0.11)
      System.Threading.Tasks.Parallel (>= 4.0.1)
      System.Threading.Thread (>= 4.0)
      System.Xml.ReaderWriter (>= 4.0.11)
      System.Xml.XDocument (>= 4.0.11)
      System.Xml.XmlDocument (>= 4.0.1)
      System.Xml.XPath.XDocument (>= 4.0.1)
    Microsoft.CodeAnalysis.CSharp (1.3.2)
      Microsoft.CodeAnalysis.Common (1.3.2)
    Microsoft.CodeAnalysis.CSharp.Workspaces (1.3.2)
      Microsoft.CodeAnalysis.CSharp (1.3.2)
      Microsoft.CodeAnalysis.Workspaces.Common (1.3.2)
    Microsoft.CodeAnalysis.VisualBasic (1.3.2)
      Microsoft.CodeAnalysis.Common (>= 1.3.2)
    Microsoft.CodeAnalysis.VisualBasic.Workspaces (1.3.2)
      Microsoft.CodeAnalysis.VisualBasic (1.3.2)
      Microsoft.CodeAnalysis.Workspaces.Common (1.3.2)
    Microsoft.CodeAnalysis.Workspaces.Common (1.3.2)
      Microsoft.CodeAnalysis.Common (1.3.2)
      Microsoft.Composition (>= 1.0.27)
    Microsoft.Composition (1.0.30)
    Microsoft.IdentityModel.Clients.ActiveDirectory (3.13.9)
    Microsoft.IdentityModel.Logging (1.1.4)
    Microsoft.IdentityModel.Tokens (5.1.4)
      Microsoft.IdentityModel.Logging (>= 1.1.4)
      Newtonsoft.Json (>= 9.0.1)
    Microsoft.TeamFoundation.DistributedTask.Common (15.112.1)
      Microsoft.Tpl.Dataflow (>= 4.5.24)
      Microsoft.VisualStudio.Services.Client (15.112.1)
      Newtonsoft.Json (>= 8.0.3)
    Microsoft.TeamFoundationServer.Client (15.112.1)
      Microsoft.AspNet.WebApi.Client (>= 5.2.2)
      Microsoft.TeamFoundation.DistributedTask.Common (15.112.1)
      Microsoft.VisualStudio.Services.Client (15.112.1)
      Newtonsoft.Json (>= 8.0.3)
    Microsoft.TeamFoundationServer.ExtendedClient (15.112.1)
      Microsoft.AspNet.WebApi.Client (>= 5.2.2)
      Microsoft.AspNet.WebApi.Core (>= 5.2.2)
      Microsoft.IdentityModel.Clients.ActiveDirectory (>= 3.13.5)
      Microsoft.TeamFoundationServer.Client (15.112.1)
      Microsoft.VisualStudio.Services.Client (15.112.1)
      Microsoft.VisualStudio.Services.InteractiveClient (15.112.1)
      Newtonsoft.Json (>= 8.0.3)
      System.IdentityModel.Tokens.Jwt (>= 4.0.2.206221351)
    Microsoft.Tpl.Dataflow (4.5.24)
    Microsoft.VisualStudio.Services.Client (15.112.1)
      Microsoft.AspNet.WebApi.Client (>= 5.2.2)
      Newtonsoft.Json (>= 8.0.3)
    Microsoft.VisualStudio.Services.InteractiveClient (15.112.1)
      Microsoft.AspNet.WebApi.Client (>= 5.2.2)
      Microsoft.IdentityModel.Clients.ActiveDirectory (>= 3.13.5)
      Microsoft.VisualStudio.Services.Client (15.112.1)
      Newtonsoft.Json (>= 8.0.3)
      System.IdentityModel.Tokens.Jwt (>= 4.0.2.206221351)
      WindowsAzure.ServiceBus (>= 3.3.2)
    Newtonsoft.Json (10.0.3)
    StyleCop.Analyzers (1.0.2)
    System.AppContext (4.3)
    System.Collections (4.3)
    System.Collections.Concurrent (4.3)
    System.Collections.Immutable (1.3.1)
    System.Console (4.3)
    System.Diagnostics.Debug (4.3)
    System.Diagnostics.FileVersionInfo (4.3)
    System.Diagnostics.StackTrace (4.3)
    System.Diagnostics.Tools (4.3)
    System.Dynamic.Runtime (4.3)
    System.Globalization (4.3)
    System.IdentityModel.Tokens.Jwt (5.1.4)
      Microsoft.IdentityModel.Tokens (>= 5.1.4)
    System.IO.FileSystem (4.3)
      System.IO.FileSystem.Primitives (>= 4.3)
    System.IO.FileSystem.Primitives (4.3)
    System.Linq (4.3)
    System.Linq.Expressions (4.3)
    System.Reflection (4.3)
    System.Reflection.Metadata (1.4.2)
      System.Collections.Immutable (>= 1.3.1)
    System.Reflection.Primitives (4.3)
    System.Resources.ResourceManager (4.3)
    System.Runtime (4.3)
    System.Runtime.Extensions (4.3)
    System.Runtime.Handles (4.3)
    System.Runtime.InteropServices (4.3)
    System.Runtime.Numerics (4.3)
    System.Security.Cryptography.Algorithms (4.3)
      System.Security.Cryptography.Primitives (>= 4.3)
    System.Security.Cryptography.Encoding (4.3)
    System.Security.Cryptography.Primitives (4.3)
    System.Security.Cryptography.X509Certificates (4.3)
      System.Security.Cryptography.Algorithms (>= 4.3)
      System.Security.Cryptography.Encoding (>= 4.3)
    System.Text.Encoding (4.3)
    System.Text.Encoding.CodePages (4.3)
    System.Text.Encoding.Extensions (4.3)
    System.Threading (4.3)
    System.Threading.Tasks (4.3)
    System.Threading.Tasks.Parallel (4.3)
    System.Threading.Thread (4.3)
    System.Xml.ReaderWriter (4.3)
    System.Xml.XDocument (4.3)
    System.Xml.XmlDocument (4.3)
    System.Xml.XPath (4.3)
    System.Xml.XPath.XDocument (4.3)
      System.Xml.XPath (>= 4.3)
    WindowsAzure.ServiceBus (4.1.2)
  remote: \\sydco-sdts-2.wtg.zone\ThirdParty\NuGet-HomeGrown
    Dat.Integration (17.6.10.4)
    WTG.Analyzers (1.2.6)
    WTG.BuildConfiguration.Analysis (1.0.1)
      StyleCop.Analyzers (>= 1.0.2)
      WTG.Analyzers (>= 1.2.5)
    WTG.BuildConfiguration.Build (1.0.0)
    WTG.DevTools.Common (17.4.19.5)
      Dat.Integration (>= 1.0)
