RESTRICTION: == net47
NUGET
  remote: http://proget.wtg.zone/nuget/Gallery
    CommandLineParser (2.3.0)
      System.Collections (>= 4.0.11-rc2-24027)
      System.Console (>= 4.0.0-rc2-24027)
      System.Diagnostics.Debug (>= 4.0.11-rc2-24027)
      System.Globalization (>= 4.0.11-rc2-24027)
      System.IO (>= 4.1.0-rc2-24027)
      System.Linq (>= 4.1.0-rc2-24027)
      System.Linq.Expressions (>= 4.0.11-rc2-24027)
      System.Reflection (>= 4.1.0-rc2-24027)
      System.Reflection.Extensions (>= 4.0.1-rc2-24027)
      System.Reflection.TypeExtensions (>= 4.1.0-rc2-24027)
      System.Resources.ResourceManager (>= 4.0.1-rc2-24027)
      System.Runtime (>= 4.1.0-rc2-24027)
      System.Runtime.Extensions (>= 4.1.0-rc2-24027)
    Microsoft.AspNet.WebApi.Client (5.2.6)
      Newtonsoft.Json (>= 6.0.4)
    Microsoft.AspNet.WebApi.Core (5.2.6)
      Microsoft.AspNet.WebApi.Client (>= 5.2.6)
    Microsoft.Azure.Services.AppAuthentication (1.0.3)
      Microsoft.IdentityModel.Clients.ActiveDirectory (>= 3.14.2)
    Microsoft.Build.Locator (1.0.31)
    Microsoft.CodeAnalysis (2.9.0)
      Microsoft.CodeAnalysis.CSharp.Workspaces (2.9)
      Microsoft.CodeAnalysis.VisualBasic.Workspaces (2.9)
    Microsoft.CodeAnalysis.Analyzers (2.6.2)
    Microsoft.CodeAnalysis.Common (2.9.0)
      Microsoft.CodeAnalysis.Analyzers (>= 2.6.1)
      System.AppContext (>= 4.3)
      System.Collections (>= 4.3)
      System.Collections.Concurrent (>= 4.3)
      System.Collections.Immutable (>= 1.5)
      System.Console (>= 4.3)
      System.Diagnostics.Debug (>= 4.3)
      System.Diagnostics.FileVersionInfo (>= 4.3)
      System.Diagnostics.StackTrace (>= 4.3)
      System.Diagnostics.Tools (>= 4.3)
      System.Dynamic.Runtime (>= 4.3)
      System.Globalization (>= 4.3)
      System.IO.Compression (>= 4.3)
      System.IO.FileSystem (>= 4.3)
      System.IO.FileSystem.Primitives (>= 4.3)
      System.Linq (>= 4.3)
      System.Linq.Expressions (>= 4.3)
      System.Reflection (>= 4.3)
      System.Reflection.Metadata (>= 1.6)
      System.Resources.ResourceManager (>= 4.3)
      System.Runtime (>= 4.3)
      System.Runtime.Extensions (>= 4.3)
      System.Runtime.InteropServices (>= 4.3)
      System.Runtime.Numerics (>= 4.3)
      System.Security.Cryptography.Algorithms (>= 4.3)
      System.Security.Cryptography.Encoding (>= 4.3)
      System.Security.Cryptography.X509Certificates (>= 4.3)
      System.Text.Encoding (>= 4.3)
      System.Text.Encoding.CodePages (>= 4.3)
      System.Text.Encoding.Extensions (>= 4.3)
      System.Threading (>= 4.3)
      System.Threading.Tasks (>= 4.3)
      System.Threading.Tasks.Extensions (>= 4.3)
      System.Threading.Tasks.Parallel (>= 4.3)
      System.Threading.Thread (>= 4.3)
      System.ValueTuple (>= 4.3)
      System.Xml.ReaderWriter (>= 4.3)
      System.Xml.XDocument (>= 4.3)
      System.Xml.XmlDocument (>= 4.3)
      System.Xml.XPath.XDocument (>= 4.3)
    Microsoft.CodeAnalysis.CSharp (2.9.0)
      Microsoft.CodeAnalysis.Common (2.9)
    Microsoft.CodeAnalysis.CSharp.Workspaces (2.9.0)
      Microsoft.CodeAnalysis.CSharp (2.9)
      Microsoft.CodeAnalysis.Workspaces.Common (2.9)
    Microsoft.CodeAnalysis.VisualBasic (2.9.0)
      Microsoft.CodeAnalysis.Common (>= 2.9)
    Microsoft.CodeAnalysis.VisualBasic.Workspaces (2.9.0)
      Microsoft.CodeAnalysis.VisualBasic (2.9)
      Microsoft.CodeAnalysis.Workspaces.Common (2.9)
    Microsoft.CodeAnalysis.Workspaces.Common (2.9.0)
      Microsoft.CodeAnalysis.Common (2.9)
      SQLitePCLRaw.bundle_green (>= 1.1.2)
      System.Composition (>= 1.0.31)
    Microsoft.CodeAnalysis.Workspaces.MSBuild (2.9.0)
      Microsoft.CodeAnalysis.Common (2.9)
      Microsoft.CodeAnalysis.Workspaces.Common (2.9)
      System.Composition (>= 1.0.31)
    Microsoft.IdentityModel.Clients.ActiveDirectory (4.3.0)
    Microsoft.IdentityModel.JsonWebTokens (5.3.0)
      Microsoft.IdentityModel.Tokens (>= 5.3)
      Newtonsoft.Json (>= 10.0.1)
    Microsoft.IdentityModel.Logging (5.3.0)
    Microsoft.IdentityModel.Tokens (5.3.0)
      Microsoft.IdentityModel.Logging (>= 5.3)
      Newtonsoft.Json (>= 10.0.1)
    Microsoft.TeamFoundation.DistributedTask.Common.Contracts (15.131.1)
      Microsoft.VisualStudio.Services.Client (15.131.1)
    Microsoft.TeamFoundationServer.Client (15.131.1)
      Microsoft.AspNet.WebApi.Client (>= 5.2.3)
      Microsoft.TeamFoundation.DistributedTask.Common.Contracts (15.131.1)
      Microsoft.VisualStudio.Services.Client (15.131.1)
      Newtonsoft.Json (>= 9.0.1)
    Microsoft.TeamFoundationServer.ExtendedClient (15.131.1)
      Microsoft.AspNet.WebApi.Client (>= 5.2.3)
      Microsoft.AspNet.WebApi.Core (>= 5.2.3)
      Microsoft.IdentityModel.Clients.ActiveDirectory (>= 3.17.2)
      Microsoft.TeamFoundationServer.Client (15.131.1)
      Microsoft.VisualStudio.Services.Client (15.131.1)
      Microsoft.VisualStudio.Services.InteractiveClient (15.131.1)
      Newtonsoft.Json (>= 9.0.1)
      System.IdentityModel.Tokens.Jwt (>= 5.1.5)
    Microsoft.VisualStudio.Services.Client (15.131.1)
      Microsoft.AspNet.WebApi.Client (>= 5.2.3)
      Newtonsoft.Json (>= 9.0.1)
    Microsoft.VisualStudio.Services.InteractiveClient (15.131.1)
      Microsoft.IdentityModel.Clients.ActiveDirectory (>= 3.17.2)
      Microsoft.IdentityModel.Logging (>= 1.1.5)
      Microsoft.IdentityModel.Tokens (>= 5.1.5)
      Microsoft.VisualStudio.Services.Client (15.131.1)
      Newtonsoft.Json (>= 9.0.1)
      System.IdentityModel.Tokens.Jwt (>= 5.1.5)
      WindowsAzure.ServiceBus (>= 3.3.2)
    Newtonsoft.Json (11.0.2)
    SQLitePCLRaw.bundle_green (1.1.11)
      SQLitePCLRaw.core (>= 1.1.11)
      SQLitePCLRaw.lib.e_sqlite3.linux (>= 1.1.11)
      SQLitePCLRaw.lib.e_sqlite3.osx (>= 1.1.11)
      SQLitePCLRaw.lib.e_sqlite3.v110_xp (>= 1.1.11)
      SQLitePCLRaw.provider.e_sqlite3.net45 (>= 1.1.11)
    SQLitePCLRaw.core (1.1.11)
    SQLitePCLRaw.lib.e_sqlite3.linux (1.1.11)
    SQLitePCLRaw.lib.e_sqlite3.osx (1.1.11)
    SQLitePCLRaw.lib.e_sqlite3.v110_xp (1.1.11)
    SQLitePCLRaw.provider.e_sqlite3.net45 (1.1.11)
      SQLitePCLRaw.core (>= 1.1.11)
    StyleCop.Analyzers (1.0.2)
    System.AppContext (4.3.0)
    System.Collections (4.3.0)
    System.Collections.Concurrent (4.3.0)
    System.Collections.Immutable (1.5.0)
    System.Composition (1.2.0)
      System.Composition.AttributedModel (>= 1.2)
      System.Composition.Convention (>= 1.2)
      System.Composition.Hosting (>= 1.2)
      System.Composition.Runtime (>= 1.2)
      System.Composition.TypedParts (>= 1.2)
    System.Composition.AttributedModel (1.2.0)
    System.Composition.Convention (1.2.0)
      System.Composition.AttributedModel (>= 1.2)
    System.Composition.Hosting (1.2.0)
      System.Composition.Runtime (>= 1.2)
    System.Composition.Runtime (1.2.0)
    System.Composition.TypedParts (1.2.0)
      System.Composition.AttributedModel (>= 1.2)
      System.Composition.Hosting (>= 1.2)
      System.Composition.Runtime (>= 1.2)
    System.Console (4.3.1)
    System.Diagnostics.Debug (4.3.0)
    System.Diagnostics.FileVersionInfo (4.3.0)
    System.Diagnostics.StackTrace (4.3.0)
    System.Diagnostics.Tools (4.3.0)
    System.Dynamic.Runtime (4.3.0)
    System.Globalization (4.3.0)
    System.IdentityModel.Tokens.Jwt (5.3.0)
      Microsoft.IdentityModel.JsonWebTokens (>= 5.3)
      Microsoft.IdentityModel.Tokens (>= 5.3)
      Newtonsoft.Json (>= 10.0.1)
    System.IO (4.3.0)
    System.IO.Compression (4.3.0)
    System.IO.FileSystem (4.3.0)
      System.IO.FileSystem.Primitives (>= 4.3)
    System.IO.FileSystem.Primitives (4.3.0)
    System.Linq (4.3.0)
    System.Linq.Expressions (4.3.0)
    System.Reflection (4.3.0)
    System.Reflection.Extensions (4.3.0)
    System.Reflection.Metadata (1.6.0)
      System.Collections.Immutable (>= 1.5)
    System.Reflection.TypeExtensions (4.5.1)
    System.Resources.ResourceManager (4.3.0)
    System.Runtime (4.3.0)
    System.Runtime.CompilerServices.Unsafe (4.5.2)
    System.Runtime.Extensions (4.3.0)
    System.Runtime.InteropServices (4.3.0)
      System.Runtime (>= 4.3)
    System.Runtime.Numerics (4.3.0)
    System.Security.Cryptography.Algorithms (4.3.1)
      System.IO (>= 4.3)
      System.Runtime (>= 4.3)
      System.Security.Cryptography.Encoding (>= 4.3)
      System.Security.Cryptography.Primitives (>= 4.3)
    System.Security.Cryptography.Encoding (4.3.0)
    System.Security.Cryptography.Primitives (4.3.0)
    System.Security.Cryptography.X509Certificates (4.3.2)
      System.Security.Cryptography.Algorithms (>= 4.3)
      System.Security.Cryptography.Encoding (>= 4.3)
    System.Text.Encoding (4.3.0)
    System.Text.Encoding.CodePages (4.5.0)
      System.Runtime.CompilerServices.Unsafe (>= 4.5)
    System.Text.Encoding.Extensions (4.3.0)
    System.Threading (4.3.0)
    System.Threading.Tasks (4.3.0)
    System.Threading.Tasks.Extensions (4.5.1)
      System.Runtime.CompilerServices.Unsafe (>= 4.5)
    System.Threading.Tasks.Parallel (4.3.0)
    System.Threading.Thread (4.3.0)
    System.ValueTuple (4.5.0)
    System.Xml.ReaderWriter (4.3.1)
    System.Xml.XDocument (4.3.0)
    System.Xml.XmlDocument (4.3.0)
    System.Xml.XPath (4.3.0)
    System.Xml.XPath.XDocument (4.3.0)
      System.Xml.XPath (>= 4.3)
    WindowsAzure.ServiceBus (5.0.0)
      Microsoft.Azure.Services.AppAuthentication (>= 1.0.3)
      Microsoft.IdentityModel.Clients.ActiveDirectory (>= 3.19.8)
      System.IdentityModel.Tokens.Jwt (>= 4.0.4.403061554)
    WTG.Analyzers (2.0.6)
  remote: http://proget.wtg.zone/nuget/WTG-Internal
    Dat.Integration (18.8.14.5)
    WTG.DevTools.Common (18.10.15.0)
      Dat.Integration (>= 1.0)
